GEM
  remote: https://rubygems.org/
  specs:
    mini_portile2 (2.1.0)
    nokogiri (1.7.0.1-x64-mingw32)
      mini_portile2 (~> 2.1.0)
    rack (1.6.5)
    rack-protection (1.5.3)
      rack
    sinatra (1.4.7)
      rack (~> 1.5)
      rack-protection (~> 1.4)
      tilt (>= 1.3, < 3)
    tilt (2.0.5)

PLATFORMS
  x64-mingw32

DEPENDENCIES
  nokogiri
  sinatra

BUNDLED WITH
   1.13.7
